GEM
  remote: https://rubygems.org/
  specs:
    activemodel (4.2.9)
      activesupport (= 4.2.9)
      builder (~> 3.1)
    activesupport (4.2.9)
      i18n (~> 0.7)
      minitest (~> 5.1)
      thread_safe (~> 0.3, >= 0.3.4)
      tzinfo (~> 1.1)
    addressable (2.5.1)
      public_suffix (~> 2.0, >= 2.0.2)
    builder (3.2.3)
    celluloid (0.16.0)
      timers (~> 4.0.0)
    coderay (1.1.1)
    configliere (0.4.22)
      highline (= 1.5.2)
      multi_json (~> 1.10.1)
    diff-lcs (1.2.5)
    docile (1.1.5)
    erubis (2.7.0)
    faker (1.7.3)
      i18n (~> 0.5)
    ffi (1.9.18)
    ffi (1.9.18-java)
    formatador (0.2.5)
    gorillib (0.1.11)
      json
    guard (2.6.1)
      formatador (>= 0.2.4)
      listen (~> 2.7)
      lumberjack (~> 1.0)
      pry (>= 0.9.12)
      thor (>= 0.18.1)
    guard-rspec (4.3.1)
      guard (~> 2.1)
      rspec (>= 2.14, < 4.0)
    highline (1.5.2)
    hitimes (1.2.5)
    hitimes (1.2.5-java)
    i18n (0.8.4)
    icss-activesupport-4 (0.4.0)
      activemodel (~> 4.0)
      addressable (~> 2.2)
      configliere (~> 0.4.8)
      gorillib (~> 0.1.7)
      json
    jruby-pg (0.1-java)
    json (2.1.0)
    json (2.1.0-java)
    json_spec (1.1.5)
      multi_json (~> 1.0)
      rspec (>= 2.0, < 4.0)
    listen (2.10.1)
      celluloid (~> 0.16.0)
      rb-fsevent (>= 0.9.3)
      rb-inotify (>= 0.9)
    lumberjack (1.0.12)
    message_bus (2.0.2)
      rack (>= 1.1.3)
    method_source (0.8.2)
    minitest (5.10.3)
    multi_json (1.10.1)
    pg (0.19.0)
    pry (0.10.4)
      coderay (~> 1.1.0)
      method_source (~> 0.8.1)
      slop (~> 3.4)
    pry (0.10.4-java)
      coderay (~> 1.1.0)
      method_source (~> 0.8.1)
      slop (~> 3.4)
      spoon (~> 0.0)
    public_suffix (2.0.5)
    puma (3.9.1)
    puma (3.9.1-java)
    rack (2.0.3)
    rack-test (0.6.3)
      rack (>= 1.0)
    rake (12.0.0)
    rb-fsevent (0.9.8)
    rb-inotify (0.9.10)
      ffi (>= 0.5.0, < 2)
    roda (2.28.0)
      rack
    roda-message_bus (1.0.0)
      message_bus (>= 2.0.0)
      roda (>= 2.0.0)
    rspec (3.1.0)
      rspec-core (~> 3.1.0)
      rspec-expectations (~> 3.1.0)
      rspec-mocks (~> 3.1.0)
    rspec-core (3.1.7)
      rspec-support (~> 3.1.0)
    rspec-expectations (3.1.2)
      diff-lcs (>= 1.2.0, < 2.0)
      rspec-support (~> 3.1.0)
    rspec-mocks (3.1.3)
      rspec-support (~> 3.1.0)
    rspec-support (3.1.2)
    sequel (4.47.0)
    simplecov (0.14.1)
      docile (~> 1.1.0)
      json (>= 1.8, < 3)
      simplecov-html (~> 0.10.0)
    simplecov-html (0.10.1)
    slop (3.6.0)
    spoon (0.0.6)
      ffi
    swagger-blocks (2.0.0)
    thor (0.19.4)
    thread_safe (0.3.6)
    thread_safe (0.3.6-java)
    tilt (2.0.8)
    timers (4.0.4)
      hitimes
    torquebox-core (4.0.0.beta3-java)
    torquebox-web (4.0.0.beta3-java)
      rack (>= 1.4.0)
      torquebox-core (= 4.0.0.beta3)
    tzinfo (1.2.3)
      thread_safe (~> 0.1)

PLATFORMS
  java
  ruby

DEPENDENCIES
  erubis
  faker (~> 1.7)
  guard (~> 2.6.1)
  guard-rspec (~> 4.3.1)
  icss-activesupport-4 (~> 0.4.0)
  jruby-pg (~> 0.1)
  json_spec
  pg (~> 0.19.0)
  puma
  rack-test
  rake
  roda-message_bus (~> 1.0)
  rspec (~> 3.1.0)
  sequel (~> 4.43)
  simplecov
  swagger-blocks (~> 2.0)
  tilt
  torquebox-web (= 4.0.0.beta3)

BUNDLED WITH
   1.10.0
